PATH
  remote: .
  specs:
    one_time_pad (1.0.0)

GEM
  remote: https://rubygems.org/
  specs:
    minitest (5.25.4)
    rake (13.2.1)

PLATFORMS
  arm64-darwin-24
  ruby

DEPENDENCIES
  minitest (~> 5.16)
  one_time_pad!
  rake (~> 13.0)

BUNDLED WITH
   2.6.1
